GEM
  remote: http://rubygems.org/
  specs:
    capybara (1.0.1)
      mime-types (>= 1.16)
      nokogiri (>= 1.3.3)
      rack (>= 1.0.0)
      rack-test (>= 0.5.4)
      selenium-webdriver (~> 2.0)
      xpath (~> 0.1.4)
    childprocess (0.2.1)
      ffi (~> 1.0.6)
    chunky_png (1.2.0)
    compass (0.11.5)
      chunky_png (~> 1.2)
      fssm (>= 0.2.7)
      sass (~> 3.1)
    contest (0.1.3)
    ffi (1.0.9)
    fssm (0.2.7)
    haml (3.1.2)
    jsmin (1.0.1)
    json_pure (1.5.1)
    maruku (0.6.0)
      syntax (>= 1.0.0)
    mime-types (1.16)
    nokogiri (1.5.0)
    pistol (0.0.2)
    rack (1.2.1)
    rack-test (0.6.0)
      rack (>= 1.0)
    rtopia (0.2.3)
    rubyzip (0.9.4)
    sass (3.1.5)
    selenium-webdriver (2.5.0)
      childprocess (>= 0.2.1)
      ffi (>= 1.0.7)
      json_pure
      rubyzip
    sinatra (1.2.6)
      rack (~> 1.1)
      tilt (< 2.0, >= 1.2.2)
    sinatra-content-for (0.2)
      sinatra
    sinatra-support (1.2.1)
      sinatra (>= 1.0)
    syntax (1.0.0)
    tilt (1.3.2)
    xpath (0.1.4)
      nokogiri (~> 1.3)

PLATFORMS
  ruby

DEPENDENCIES
  capybara
  compass (~> 0.11.1)
  contest
  haml (~> 3.1.1)
  jsmin (~> 1.0.1)
  maruku
  pistol (~> 0.0.2)
  rtopia (~> 0.2.3)
  sass (~> 3.1.1)
  sinatra (~> 1.2.6)
  sinatra-content-for
  sinatra-support (~> 1.2.0)
